GEM
  remote: http://rubygems.org/
  specs:
    CFPropertyList (2.2.8)
    awesome_print (1.2.0)
    axiom-types (0.1.1)
      descendants_tracker (~> 0.0.4)
      ice_nine (~> 0.11.0)
      thread_safe (~> 0.3, >= 0.3.1)
    builder (3.2.2)
    calabash-android (0.5.5)
      awesome_print (~> 1.2.0)
      cucumber (~> 1.3.17)
      escape (~> 0.0.4)
      httpclient (~> 2.3.2)
      json (~> 1.8)
      retriable (~> 1.3.3.1)
      rubyzip (~> 1.1)
      slowhandcuke (~> 0.0.3)
    calabash-common (0.0.1)
      cucumber (~> 1.3.0)
    calabash-cucumber (0.11.4)
      CFPropertyList (~> 2.2.8)
      awesome_print (~> 1.2.0)
      bundler (~> 1.3)
      calabash-common (~> 0.0.1)
      cucumber (~> 1.3.17)
      edn (~> 1.0.6)
      geocoder (~> 1.1.8)
      httpclient (~> 2.3.3)
      json (~> 1.8)
      run_loop (~> 1.1.0)
      sim_launcher (~> 0.4.13)
      slowhandcuke (~> 0.0.3)
    coercible (1.0.0)
      descendants_tracker (~> 0.0.1)
    cucumber (1.3.17)
      builder (>= 2.1.2)
      diff-lcs (>= 1.1.3)
      gherkin (~> 2.12)
      multi_json (>= 1.7.5, < 2.0)
      multi_test (>= 0.1.1)
    descendants_tracker (0.0.4)
      thread_safe (~> 0.3, >= 0.3.1)
    diff-lcs (1.2.5)
    differ (0.1.2)
    edn (1.0.6)
    equalizer (0.0.9)
    escape (0.0.4)
    geocoder (1.1.9)
    gherkin (2.12.2)
      multi_json (~> 1.3)
    httpclient (2.3.4.1)
    ice_nine (0.11.0)
    json (1.8.1)
    mini_portile (0.6.1)
    multi_json (1.7.9)
    multi_test (0.1.1)
    nokogiri (1.6.4.1)
      mini_portile (~> 0.6.0)
    rack (1.5.2)
    rack-protection (1.5.3)
      rack
    require_all (1.3.2)
    retriable (1.3.3.1)
    rickshaw (0.2.0)
    rspec (1.3.0)
    rubyXL (1.2.10)
    rubyzip (1.1.6)
    run_loop (1.1.0)
      CFPropertyList (~> 2.2)
      awesome_print (~> 1.2.0)
      json (~> 1.8)
      retriable (~> 1.3.3.1)
      thor (>= 0.18)
    sim_launcher (0.4.13)
      sinatra
    sinatra (1.4.5)
      rack (~> 1.4)
      rack-protection (~> 1.4)
      tilt (~> 1.3, >= 1.3.4)
    slowhandcuke (0.0.3)
      cucumber
    thor (0.19.1)
    thread_safe (0.3.4)
    tilt (1.4.1)
    unicode_utils (1.4.0)
    virtus (1.0.3)
      axiom-types (~> 0.1)
      coercible (~> 1.0)
      descendants_tracker (~> 0.0, >= 0.0.3)
      equalizer (~> 0.0, >= 0.0.9)
    xml-simple (1.1.4)

PLATFORMS
  ruby

DEPENDENCIES
  calabash-android (= 0.5.5)
  calabash-cucumber (= 0.11.4)
  differ
  multi_json (= 1.7.9)
  nokogiri
  require_all
  rickshaw
  rspec (= 1.3.0)
  rubyXL
  unicode_utils
  virtus
  xml-simple
