GEM
  remote: http://rubygems.org/
  specs:
    CFPropertyList (2.3.1)
    awesome_print (1.6.1)
    builder (3.2.2)
    calabash-android (0.5.8)
      awesome_print (~> 1.2)
      cucumber (~> 1.3.17)
      escape (~> 0.0.4)
      httpclient (>= 2.3.2, < 3.0)
      json (~> 1.8)
      retriable (>= 1.3.3.1, < 1.5)
      rubyzip (~> 1.1)
      slowhandcuke (~> 0.0.3)
    calabash-common (0.0.1)
      cucumber (~> 1.3.0)
    calabash-cucumber (0.12.3)
      CFPropertyList
      awesome_print
      bundler (~> 1.3)
      calabash-common (~> 0.0.1)
      cucumber (~> 1.3.17)
      edn (>= 1.0.6, < 2.0)
      geocoder (>= 1.1.8, < 2.0)
      httpclient (>= 2.3.2, < 3.0)
      json
      run_loop (~> 1.2.6)
      sim_launcher (~> 0.4.13)
      slowhandcuke (~> 0.0.3)
    cucumber (1.3.19)
      builder (>= 2.1.2)
      diff-lcs (>= 1.1.3)
      gherkin (~> 2.12)
      multi_json (>= 1.7.5, < 2.0)
      multi_test (>= 0.1.2)
    diff-lcs (1.2.5)
    differ (0.1.2)
    edn (1.0.6)
    escape (0.0.4)
    geocoder (1.2.8)
    gherkin (2.12.2)
      multi_json (~> 1.3)
    httpclient (2.6.0.1)
    json (1.8.2)
    mini_portile (0.6.1)
    multi_json (1.11.0)
    multi_test (0.1.2)
    nokogiri (1.6.4.1)
      mini_portile (~> 0.6.0)
    rack (1.6.0)
    rack-protection (1.5.3)
      rack
    require_all (1.3.2)
    retriable (1.4.1)
    rickshaw (0.2.0)
    rubyzip (1.1.7)
    run_loop (1.2.9)
      CFPropertyList (~> 2.2)
      awesome_print (~> 1.2)
      json (~> 1.8)
      retriable (>= 1.3.3.1, < 2.0)
    sim_launcher (0.4.13)
      sinatra
    sinatra (1.4.6)
      rack (~> 1.4)
      rack-protection (~> 1.4)
      tilt (>= 1.3, < 3)
    slowhandcuke (0.0.3)
      cucumber
    tilt (2.0.1)
    unicode_utils (1.4.0)
    xml-simple (1.1.4)

PLATFORMS
  ruby

DEPENDENCIES
  calabash-android (~> 0.5.8)
  calabash-cucumber (= 0.12.3)
  differ
  nokogiri
  require_all
  rickshaw
  unicode_utils
  xml-simple
